PATH
  remote: .
  specs:
    randumb (0.2.0)
      activerecord (>= 3.0.0)
      activesupport (>= 3.0.0)
      rake

GEM
  remote: http://rubygems.org/
  specs:
    activemodel (3.0.0)
      activesupport (= 3.0.0)
      builder (~> 2.1.2)
      i18n (~> 0.4.1)
    activerecord (3.0.0)
      activemodel (= 3.0.0)
      activesupport (= 3.0.0)
      arel (~> 1.0.0)
      tzinfo (~> 0.3.23)
    activesupport (3.0.0)
    arel (1.0.1)
      activesupport (~> 3.0.0)
    builder (2.1.2)
    factory_girl (3.2.0)
      activesupport (>= 3.0.0)
    faker (1.0.1)
      i18n (~> 0.4)
    i18n (0.4.2)
    rake (0.9.2.2)
    shoulda (2.11.3)
    sqlite3 (1.3.5)
    tzinfo (0.3.33)

PLATFORMS
  ruby

DEPENDENCIES
  factory_girl (~> 3.0)
  faker
  randumb!
  shoulda
  sqlite3 (= 1.3.5)
